GEM
  remote: https://rubygems.org/
  specs:
    em-websocket (0.5.1)
      eventmachine (>= 0.12.9)
      http_parser.rb (~> 0.6.0)
    eventmachine (1.2.0.1)
    eventmachine (1.2.0.1-java)
    http_parser.rb (0.6.0)
    http_parser.rb (0.6.0-java)
    rack (1.5.2)

PLATFORMS
  java
  ruby

DEPENDENCIES
  em-websocket
  rack (= 1.5.2)

BUNDLED WITH
   1.13.1
